GEM
  remote: https://rubygems.org/
  specs:
    colorize (1.1.0)
    crass (1.0.6)
    feedbag (1.0.0)
      nokogiri (~> 1.8, >= 1.8.2)
    feedjira (3.2.3)
      loofah (>= 2.3.1, < 3)
      sax-machine (>= 1.0, < 2)
    httparty (0.21.0)
      mini_mime (>= 1.0.0)
      multi_xml (>= 0.5.2)
    loofah (2.22.0)
      crass (~> 1.0.2)
      nokogiri (>= 1.12.0)
    mini_mime (1.1.5)
    multi_xml (0.6.0)
    nokogiri (1.16.3-arm64-darwin)
      racc (~> 1.4)
    racc (1.7.3)
    sax-machine (1.3.2)

PLATFORMS
  arm64-darwin-22

DEPENDENCIES
  colorize
  feedbag
  feedjira
  httparty

BUNDLED WITH
   2.4.21
